GEM
  remote: https://rubygems.org/
  specs:
    activemodel (4.2.6)
      activesupport (= 4.2.6)
      builder (~> 3.1)
    activesupport (4.2.6)
      i18n (~> 0.7)
      json (~> 1.7, >= 1.7.7)
      minitest (~> 5.1)
      thread_safe (~> 0.3, >= 0.3.4)
      tzinfo (~> 1.1)
    backports (3.6.8)
    builder (3.2.2)
    cassandra-driver (2.1.6)
      ione (~> 1.2)
    cequel (1.9.0)
      activemodel (~> 4.0)
      cassandra-driver (~> 2.0)
    descriptive_statistics (2.5.1)
    elasticsearch (1.0.17)
      elasticsearch-api (= 1.0.17)
      elasticsearch-transport (= 1.0.17)
    elasticsearch-api (1.0.17)
      multi_json
    elasticsearch-transport (1.0.17)
      faraday
      multi_json
    faraday (0.9.2)
      multipart-post (>= 1.2, < 3)
    hiredis (0.6.1)
    hooks (0.4.1)
      uber (~> 0.0.14)
    i18n (0.7.0)
    ione (1.2.3)
    json (1.8.3)
    minitest (5.9.0)
    mono_logger (1.1.0)
    multi_json (1.12.1)
    multipart-post (2.0.0)
    octocore (0.0.1)
      cequel (~> 1.9, >= 1.9.0)
      descriptive_statistics (~> 2.5.1, >= 2.5.0)
      elasticsearch (~> 1.0, >= 1.0.17)
      faraday (~> 0.9, >= 0.9.2)
      hiredis (~> 0.6.1, >= 0.6.0)
      hooks (~> 0.4.1, >= 0.4.1)
      json (~> 1.8.1, >= 1.8.1)
      rake (~> 11.1.0, >= 11.1.0)
      redis (~> 3.2.2, >= 3.2.0)
      resque (~> 1.26.0, >= 1.26.0)
      resque-scheduler (~> 4.1.0, >= 4.1.0)
      statsd-ruby (~> 1.3.0, >= 1.3.0)
    rack (1.6.4)
    rack-protection (1.5.3)
      rack
    rack-test (0.6.3)
      rack (>= 1.0)
    rake (11.1.2)
    redis (3.2.2)
    redis-namespace (1.5.2)
      redis (~> 3.0, >= 3.0.4)
    resque (1.26.0)
      mono_logger (~> 1.0)
      multi_json (~> 1.0)
      redis-namespace (~> 1.3)
      sinatra (>= 0.9.2)
      vegas (~> 0.1.2)
    resque-scheduler (4.1.0)
      mono_logger (~> 1.0)
      redis (~> 3.0)
      resque (~> 1.25)
      rufus-scheduler (~> 3.0)
    rufus-scheduler (3.2.0)
    sinatra (1.4.7)
      rack (~> 1.5)
      rack-protection (~> 1.4)
      tilt (>= 1.3, < 3)
    sinatra-contrib (1.4.7)
      backports (>= 2.0)
      multi_json
      rack-protection
      rack-test
      sinatra (~> 1.4.0)
      tilt (>= 1.3, < 3)
    statsd-ruby (1.3.0)
    thread_safe (0.3.5)
    tilt (2.0.5)
    tzinfo (1.2.2)
      thread_safe (~> 0.1)
    uber (0.0.15)
    vegas (0.1.11)
      rack (>= 1.0.0)

PLATFORMS
  ruby

DEPENDENCIES
  json
  octocore
  sinatra
  sinatra-contrib

BUNDLED WITH
   1.11.2
